GEM
  remote: https://rubygems.org/
  specs:
    faraday (0.8.4)
      multipart-post (~> 1.1)
    multipart-post (1.1.5)
    require_all (1.2.1)

PLATFORMS
  ruby

DEPENDENCIES
  faraday
  require_all
